NUGET
  remote: https://www.nuget.org/api/v2
  specs:
    AppDomainToolkit (1.0.4.1)
    Autofac (3.3.1)
    Autofac.Extras.FakeItEasy (3.0.2)
      Autofac (>= 3.3.1 <  4.0.0)
      FakeItEasy (>= 1.18.0)
    AutoPoco (1.0.0.0)
    CsQuery (1.3.4)
    FakeItEasy (1.18.0)
    FluentAssertions (2.2.0.0)
    FubuCore (1.0.0.225)
    FubuCsProjFile (1.1.0.83)
      FubuCore (>= 1.0)
    Moq (4.2.1312.1622)
    Newtonsoft.Json (7.0.1)
    NuGet.CommandLine (2.8.3)
    NUnit (2.6.4)
    RazorMachine (2.6.1)
    ShellProgressBar (1.0.0.0)
    SimpleJson (0.32.0)
    YamlDotNet (3.0.0)
